GEM
  remote: https://rubygems.org/
  specs:
    aws-sdk (2.10.31)
      aws-sdk-resources (= 2.10.31)
    aws-sdk-core (2.10.31)
      aws-sigv4 (~> 1.0)
      jmespath (~> 1.0)
    aws-sdk-resources (2.10.31)
      aws-sdk-core (= 2.10.31)
    aws-sigv4 (1.0.1)
    jmespath (1.3.1)
    mustermann (1.0.1)
    puma (3.9.1)
    rack (2.0.3)
    rack-protection (2.0.0)
      rack
    sinatra (2.0.0)
      mustermann (~> 1.0)
      rack (~> 2.0)
      rack-protection (= 2.0.0)
      tilt (~> 2.0)
    tilt (2.0.8)

PLATFORMS
  ruby

DEPENDENCIES
  aws-sdk (~> 2)
  puma
  sinatra

BUNDLED WITH
   1.14.6
